PATH
  remote: .
  specs:
    spec_converter (0.5.3)

GEM
  remote: http://rubygems.org/
  specs:
    micronaut (0.3.0)
    mocha (0.9.12)

PLATFORMS
  ruby

DEPENDENCIES
  micronaut (>= 0.3.0)
  mocha (>= 0.9.0)
  spec_converter!
