PATH
  remote: .
  specs:
    spec_converter (0.5.3)

GEM
  remote: http://rubygems.org/
  specs:
    diff-lcs (1.1.2)
    json (1.5.3)
    mocha (0.9.12)
    rdiscount (1.6.8)
    rdoc (2.4.3)
    rspec (2.6.0)
      rspec-core (~> 2.6.0)
      rspec-expectations (~> 2.6.0)
      rspec-mocks (~> 2.6.0)
    rspec-core (2.6.4)
    rspec-expectations (2.6.0)
      diff-lcs (~> 1.1.2)
    rspec-mocks (2.6.0)
    sdoc (0.2.20)
      json (>= 1.1.3)
      rdoc (= 2.4.3)
    sdoc-helpers (0.1.4)
      sdoc (~> 0.2)

PLATFORMS
  ruby

DEPENDENCIES
  mocha (>= 0.9.0)
  rdiscount
  rspec (~> 2.6.0)
  sdoc
  sdoc-helpers
  spec_converter!
